GEM
  remote: https://rubygems.org/
  specs:
    addressable (2.5.1)
      public_suffix (~> 2.0, >= 2.0.2)
    celluloid (0.16.0)
      timers (~> 4.0.0)
    colorator (1.1.0)
    ffi (1.9.10-x64-mingw32)
    forwardable-extended (2.6.0)
    hitimes (1.2.2)
    jekyll (3.3.0)
      addressable (~> 2.4)
      colorator (~> 1.0)
      jekyll-sass-converter (~> 1.0)
      jekyll-watch (~> 1.1)
      kramdown (~> 1.3)
      liquid (~> 3.0)
      mercenary (~> 0.3.3)
      pathutil (~> 0.9)
      rouge (~> 1.7)
      safe_yaml (~> 1.0)
    jekyll-feed (0.9.2)
      jekyll (~> 3.3)
    jekyll-paginate (1.1.0)
    jekyll-paginate-v2 (1.7.4)
      jekyll (~> 3.0)
    jekyll-sass-converter (1.3.0)
      sass (~> 3.2)
    jekyll-watch (1.2.1)
      listen (~> 2.7)
    kramdown (1.8.0)
    liquid (3.0.6)
    listen (2.10.1)
      celluloid (~> 0.16.0)
      rb-fsevent (>= 0.9.3)
      rb-inotify (>= 0.9)
    mercenary (0.3.5)
    pathutil (0.14.0)
      forwardable-extended (~> 2.6)
    public_suffix (2.0.5)
    rb-fsevent (0.9.5)
    rb-inotify (0.9.5)
      ffi (>= 0.5.0)
    rouge (1.11.1)
    safe_yaml (1.0.4)
    sass (3.4.16)
    timers (4.0.1)
      hitimes

PLATFORMS
  x64-mingw32

DEPENDENCIES
  jekyll (= 3.3.0)
  jekyll-feed (~> 0.6)
  jekyll-paginate (~> 1.1)
  jekyll-paginate-v2 (~> 1.7)

RUBY VERSION
   ruby 2.2.2p95

BUNDLED WITH
   1.15.1
